GEM
  remote: https://rubygems.org/
  specs:
    appium_lib (9.15.0)
      appium_lib_core (~> 1.9.0)
      nokogiri (~> 1.8, >= 1.8.1)
      tomlrb (~> 1.1)
    appium_lib_core (1.9.0)
      faye-websocket (~> 0.10.0)
      selenium-webdriver (~> 3.14)
    ast (2.4.0)
    childprocess (0.9.0)
      ffi (~> 1.0, >= 1.0.11)
    csv (3.0.0)
    eventmachine (1.2.7)
    faye-websocket (0.10.7)
      eventmachine (>= 0.12.0)
      websocket-driver (>= 0.5.1)
    ffi (1.10.0)
    jaro_winkler (1.5.1)
    mini_portile2 (2.4.0)
    minitest (5.11.3)
    nokogiri (1.10.3)
      mini_portile2 (~> 2.4.0)
    parallel (1.12.1)
    parser (2.5.1.2)
      ast (~> 2.4.0)
    powerpack (0.1.2)
    rainbow (3.0.0)
    rake (12.3.1)
    rubocop (0.58.2)
      jaro_winkler (~> 1.5.1)
      parallel (~> 1.10)
      parser (>= 2.5, != 2.5.1.1)
      powerpack (~> 0.1)
      rainbow (>= 2.2.2, < 4.0)
      ruby-progressbar (~> 1.7)
      unicode-display_width (~> 1.0, >= 1.0.1)
    ruby-progressbar (1.10.0)
    rubyzip (1.2.2)
    selenium-webdriver (3.14.0)
      childprocess (~> 0.5)
      rubyzip (~> 1.2)
    tomlrb (1.2.7)
    unicode-display_width (1.4.0)
    websocket-driver (0.7.0)
      websocket-extensions (>= 0.1.0)
    websocket-extensions (0.1.3)

PLATFORMS
  ruby

DEPENDENCIES
  appium_lib (~> 9.15)
  csv (~> 3.0)
  minitest (~> 5.11)
  rake (~> 12.3)
  rubocop (~> 0.58.2)

BUNDLED WITH
   1.16.6
